PATH
  remote: .
  specs:
    capper (1.0.1)
      capistrano (~> 2.12.0)
      capistrano_colors (~> 0.5.5)
      dedent
      erubis
      rvm-capistrano (~> 1.2.3)

GEM
  remote: http://rubygems.org/
  specs:
    capistrano (2.12.0)
      highline
      net-scp (>= 1.0.0)
      net-sftp (>= 2.0.0)
      net-ssh (>= 2.0.14)
      net-ssh-gateway (>= 1.1.0)
    capistrano_colors (0.5.5)
    dedent (0.0.2)
    erubis (2.7.0)
    highline (1.6.13)
    net-scp (1.0.4)
      net-ssh (>= 1.99.1)
    net-sftp (2.0.5)
      net-ssh (>= 2.0.9)
    net-ssh (2.5.2)
    net-ssh-gateway (1.1.0)
      net-ssh (>= 1.99.1)
    rvm-capistrano (1.2.5)
      capistrano (>= 2.0.0)

PLATFORMS
  ruby

DEPENDENCIES
  capper!
